REDIRECTS: ON
NUGET
  remote: https://www.nuget.org/api/v2
    FAKE (4.28)
    FsCheck (2.5)
      FSharp.Core (>= 3.1.2.5)
    FsCheck.NUnit (2.5)
      FsCheck (>= 2.5)
      NUnit (>= 2.6.4 < 2.7)
      NUnit.Runners (>= 2.6.4 < 2.7)
    FSharp.Compiler.Service (2.0.0.6)
    FSharp.Core (4.0.0.1)
    FSharp.Formatting (2.14.4)
      FSharp.Compiler.Service (2.0.0.6)
      FSharpVSPowerTools.Core (>= 2.3 < 2.4)
    FSharpVSPowerTools.Core (2.3)
      FSharp.Compiler.Service (>= 2.0.0.3)
    FSPowerPack.Community (3.0)
      FSPowerPack.Linq.Community
      FSPowerPack.Metadata.Community
      FSPowerPack.Parallel.Seq.Community
    FSPowerPack.Core.Community (3.0)
    FSPowerPack.Linq.Community (3.0)
      FSPowerPack.Core.Community
    FSPowerPack.Metadata.Community (3.0)
      FSPowerPack.Core.Community
    FSPowerPack.Parallel.Seq.Community (3.0)
      FSPowerPack.Core.Community
    FsUnit (1.4.1)
      FSharp.Core (>= 3.1.2.5)
      NUnit (2.6.4)
    Fuchu (1.0.3)
      FSharp.Core (>= 3.1.2.1)
    Informedica.GenUnits.lib (0.4.5-beta)
      FSPowerPack.Community
      Informedica.GenUtils.Lib
    Informedica.GenUtils.Lib (0.4.2-beta)
      FSPowerPack.Community
    Microsoft.Bcl (1.1.10) - framework: net10, net11, net20, net30, net35, net40, net40-full
      Microsoft.Bcl.Build (>= 1.0.14)
    Microsoft.Bcl.Build (1.0.21) - import_targets: false, framework: net10, net11, net20, net30, net35, net40, net40-full
    Microsoft.Net.Http (2.2.29) - framework: net10, net11, net20, net30, net35, net40, net40-full
      Microsoft.Bcl (>= 1.1.10)
      Microsoft.Bcl.Build (>= 1.0.14)
    Newtonsoft.Json (8.0.3)
    Node.js (5.3)
    NoGit (0.1)
      Node.js (>= 0.12)
    Npm (3.5.2)
      Node.js (>= 0.12.7)
      NoGit (>= 0.1)
    NUnit (2.6.4)
    NUnit.Runners (2.6.4)
    Octokit (0.20)
      Microsoft.Net.Http  - framework: net10, net11, net20, net30, net35, net40, net40-full
    SourceLink.Fake (1.1)
    Suave (1.1.2)
      FSharp.Core (>= 3.1.2.5)
    Suave.Testing (1.1.2)
      FSharp.Core (>= 3.1.2.5)
      Fuchu (>= 1.0.2)
      Suave (>= 1.1.2)
    Unquote (3.1.1)
GITHUB
  remote: fsharp/FAKE
    modules/Octokit/Octokit.fsx (5a9789b05e5713b55ea996baf8feb3561b6b926d)
      Octokit
  remote: halcwb/GenBuild
    scripts/appveyor.fsx (b9d2609761c58519c15fa4ffe558ecf1b2809d5a)
    scripts/targets.fsx (b9d2609761c58519c15fa4ffe558ecf1b2809d5a)
    scripts/travis.fsx (b9d2609761c58519c15fa4ffe558ecf1b2809d5a)